GEM
  remote: https://rubygems.org/
  specs:
    byebug (10.0.2)
    gruff (0.7.0)
      rmagick (~> 2.13, >= 2.13.4)
    pill_chart (1.0.2)
    rack (1.6.11)
    rack-protection (1.5.5)
      rack
    rmagick (2.16.0)
    shotgun (0.9.2)
      rack (>= 1.0)
    sinatra (1.4.8)
      rack (~> 1.5)
      rack-protection (~> 1.4)
      tilt (>= 1.3, < 3)
    smarter_csv (1.2.6)
    tilt (2.0.9)
    yaml_store (1.0.0)

PLATFORMS
  ruby

DEPENDENCIES
  byebug
  gruff
  pill_chart (~> 1.0.2)
  shotgun
  sinatra (~> 1.4)
  smarter_csv
  yaml_store

RUBY VERSION
   ruby 2.4.1p111

BUNDLED WITH
   1.16.1
